PATH
  remote: .
  specs:
    inf7 (0.1.0)
      erubi
      optimist
      tty-which
      xdg

GEM
  remote: https://rubygems.org/
  specs:
    erubi (1.10.0)
    optimist (3.0.1)
    rake (10.5.0)
    tty-which (0.4.2)
    xdg (3.1.1)

PLATFORMS
  ruby

DEPENDENCIES
  bundler (~> 1.17)
  inf7!
  rake (~> 10.0)

BUNDLED WITH
   1.17.2
